GEM
  remote: http://rubygems.org/
  specs:
    RedCloth (4.2.9)
    RedCloth (4.2.9-java)
    awestruct (0.2.15)
      RedCloth (~> 4.2.9)
      bootstrap-sass (~> 2.0.1)
      compass (~> 0.12.1)
      compass-960-plugin (~> 0.10.4)
      fssm (~> 0.2.8.1)
      haml (~> 3.1.4)
      hashery (~> 1.5.0)
      hpricot (~> 0.8.6)
      json (~> 1.6.6)
      notifier (~> 0.1.4)
      org-ruby (~> 0.5.3)
      rdiscount (~> 1.6.8)
      sass (~> 3.1.15)
      versionomy (~> 0.4.3)
    blankslate (2.1.2.4)
    blockenspiel (0.4.3)
    bootstrap-sass (2.0.2)
    bouncy-castle-java (1.5.0146.1)
    chunky_png (1.2.5)
    compass (0.12.1)
      chunky_png (~> 1.2)
      fssm (>= 0.2.7)
      sass (~> 3.1)
    compass-960-plugin (0.10.4)
      compass (>= 0.10.0)
    ffi (1.0.11)
    ffi (1.0.11-java)
    fssm (0.2.8.1)
    git (1.2.5)
    haml (3.1.4)
    hashery (1.5.0)
      blankslate
    hpricot (0.8.6)
    hpricot (0.8.6-java)
    jruby-openssl (0.7.6.1)
      bouncy-castle-java (>= 1.5.0146.1)
    json (1.6.6)
    json (1.6.6-java)
    mime-types (1.18)
    notifier (0.1.4)
    org-ruby (0.5.3)
      rubypants (>= 0.2.0)
    rb-inotify (0.8.8)
      ffi (>= 0.5.0)
    rdiscount (1.6.8)
    rest-client (1.6.7)
      mime-types (>= 1.16)
    rubypants (0.2.0)
    sass (3.1.15)
    versionomy (0.4.3)
      blockenspiel (>= 0.4.3)
    vpim (0.695)

PLATFORMS
  java
  ruby

DEPENDENCIES
  awestruct (= 0.2.15)
  git (= 1.2.5)
  jruby-openssl (= 0.7.6.1)
  rb-inotify (= 0.8.8)
  rest-client (= 1.6.7)
  vpim (= 0.695)
